GEM
  remote: https://rubygems.org/
  specs:
    countries (2.0.0.pre.2)
      i18n_data (~> 0.7.0)
      money (~> 6.0)
    i18n (0.7.0)
    i18n_data (0.7.0)
    money (6.7.0)
      i18n (>= 0.6.4, <= 0.7.0)
      sixarm_ruby_unaccent (>= 1.1.1, < 2)
    sixarm_ruby_unaccent (1.1.1)

PLATFORMS
  ruby

DEPENDENCIES
  countries (= 2.0.0.pre.2)
